GEM
  remote: https://rubygems.org/
  specs:
    mini_portile (0.5.2)
    nokogiri (1.6.0)
      mini_portile (~> 0.5.0)
    serialport (1.3.0)

PLATFORMS
  ruby

DEPENDENCIES
  nokogiri
  serialport
